GEM
  remote: https://rubygems.org/
  specs:
    activesupport (8.1.0)
      base64
      bigdecimal
      concurrent-ruby (~> 1.0, >= 1.3.1)
      connection_pool (>= 2.2.5)
      drb
      i18n (>= 1.6, < 2)
      json
      logger (>= 1.4.2)
      minitest (>= 5.1)
      securerandom (>= 0.3)
      tzinfo (~> 2.0, >= 2.0.5)
      uri (>= 0.13.1)
    base64 (0.3.0)
    bigdecimal (3.3.1)
    chronic_duration (0.10.6)
      numerizer (~> 0.1.1)
    concurrent-ruby (1.3.5)
    connection_pool (2.5.4)
    date (3.4.1)
    domain_name (0.6.20240107)
    drb (2.2.3)
    grinch (1.1.0)
    haveapi-client (0.26.2)
      activesupport (>= 7.0)
      highline (~> 3.1)
      json
      require_all (~> 2.0.0)
      rest-client (~> 2.1.0)
      ruby-progressbar (~> 1.13.0)
    highline (3.1.2)
      reline
    htmlentities (4.3.4)
    http-accept (1.7.0)
    http-cookie (1.1.0)
      domain_name (~> 0.5)
    i18n (1.14.7)
      concurrent-ruby (~> 1.0)
    io-console (0.8.1)
    json (2.15.2)
    logger (1.7.0)
    mail (2.9.0)
      logger
      mini_mime (>= 0.1.1)
      net-imap
      net-pop
      net-smtp
    mime-types (3.7.0)
      logger
      mime-types-data (~> 3.2025, >= 3.2025.0507)
    mime-types-data (3.2025.0924)
    mini_mime (1.1.5)
    mini_portile2 (2.8.9)
    minitest (5.26.0)
    mustermann (3.0.4)
      ruby2_keywords (~> 0.0.1)
    net-imap (0.5.12)
      date
      net-protocol
    net-pop (0.1.2)
      net-protocol
    net-protocol (0.2.2)
      timeout
    net-smtp (0.5.1)
      net-protocol
    netrc (0.11.0)
    nio4r (2.7.4)
    nokogiri (1.18.10)
      mini_portile2 (~> 2.8.2)
      racc (~> 1.4)
    numerizer (0.1.1)
    puma (7.1.0)
      nio4r (~> 2.0)
    racc (1.8.1)
    rack (3.2.3)
    rack-protection (4.1.1)
      base64 (>= 0.1.0)
      logger (>= 1.6.0)
      rack (>= 3.0.0, < 4)
    rack-session (2.1.1)
      base64 (>= 0.1.0)
      rack (>= 3.0.0)
    rackup (2.2.1)
      rack (>= 3)
    rake (13.3.0)
    reline (0.6.2)
      io-console (~> 0.5)
    require_all (2.0.0)
    rest-client (2.1.0)
      http-accept (>= 1.7.0, < 2.0)
      http-cookie (>= 1.0.2, < 2.0)
      mime-types (>= 1.16, < 4.0)
      netrc (~> 0.8)
    reverse_markdown (3.0.0)
      nokogiri
    rexml (3.4.4)
    rinku (2.0.6)
    ruby-progressbar (1.13.0)
    ruby2_keywords (0.0.5)
    securerandom (0.4.1)
    sinatra (4.1.1)
      logger (>= 1.6.0)
      mustermann (~> 3.0)
      rack (>= 3.0.0, < 4)
      rack-protection (= 4.1.1)
      rack-session (>= 2.0.0, < 3)
      tilt (~> 2.0)
    tilt (2.6.1)
    timeout (0.4.3)
    tzinfo (2.0.6)
      concurrent-ruby (~> 1.0)
    uri (1.0.4)
    webrick (1.9.1)
    xmlrpc (0.3.3)
      webrick

PLATFORMS
  ruby

DEPENDENCIES
  bundler
  chronic_duration
  grinch (~> 1.1.0)
  haveapi-client (~> 0.26.0)
  htmlentities
  json
  mail
  nokogiri
  puma
  rackup
  rake
  require_all (~> 2.0.0)
  reverse_markdown
  rexml
  rinku
  sinatra (~> 4.1.1)
  xmlrpc

BUNDLED WITH
   2.7.2
